GEM
  remote: https://rubygems.org/
  specs:
    cisco_spark (0.3.0)
    coderay (1.1.1)
    dotenv (2.2.0)
    method_source (0.8.2)
    pry (0.10.4)
      coderay (~> 1.1.0)
      method_source (~> 0.8.1)
      slop (~> 3.4)
    slop (3.6.0)

PLATFORMS
  ruby

DEPENDENCIES
  cisco_spark
  dotenv
  pry

BUNDLED WITH
   1.14.3
